GEM
  remote: https://rubygems.org/
  specs:
    minitest (5.14.3)

PLATFORMS
  ruby

DEPENDENCIES
  minitest (~> 5.14.3)

RUBY VERSION
   ruby 2.6.5p114

BUNDLED WITH
   1.17.2
